GEM
  remote: https://rubygems.org/
  specs:
    ParseTree (3.0.9)
      RubyInline (~> 3.9.0)
      sexp_processor (~> 3.2.0)
    RubyInline (3.9.0)
      ZenTest (~> 4.3)
    ZenTest (4.11.0)
    abstract (1.0.0)
    diff-lcs (1.2.5)
    erubis (2.6.3)
      abstract (>= 1.0.0)
    extlib (0.9.16)
    haml (3.1.0)
    highline (1.6.21)
    hpricot (0.8.6)
    memcache-client (1.7.6)
    memcached (1.8.0)
    mime-types (2.4.3)
    mini_portile (0.6.1)
    nokogiri (1.6.4.1)
      mini_portile (~> 0.6.0)
    rack (1.2.0)
    rack-test (0.6.1)
      rack (>= 1.0)
    rake (10.3.2)
    rspec (3.1.0)
      rspec-core (~> 3.1.0)
      rspec-expectations (~> 3.1.0)
      rspec-mocks (~> 3.1.0)
    rspec-core (3.1.7)
      rspec-support (~> 3.1.0)
    rspec-expectations (3.1.2)
      diff-lcs (>= 1.2.0, < 2.0)
      rspec-support (~> 3.1.0)
    rspec-mocks (3.1.3)
      rspec-support (~> 3.1.0)
    rspec-support (3.1.2)
    ruby2ruby (1.3.1)
      ruby_parser (~> 2.0)
      sexp_processor (~> 3.0)
    ruby_parser (2.3.1)
      sexp_processor (~> 3.0)
    sexp_processor (3.2.0)
    templater (1.0.0)
      diff-lcs (>= 1.1.2)
      extlib (>= 0.9.5)
      highline (>= 1.4.0)
    webrat (0.6.0)
      nokogiri (>= 1.2.0)
      rack (>= 1.0)
    yard (0.6.8)

PLATFORMS
  ruby

DEPENDENCIES
  ParseTree (>= 2.1.1)
  abstract (= 1.0)
  erubis (= 2.6.3)
  extlib (= 0.9.16)
  haml (= 3.1.0)
  hpricot
  memcache-client (= 1.7.6)
  memcached
  mime-types
  rack (= 1.2.0)
  rack-test (= 0.6.1)
  rake
  rspec
  ruby2ruby (>= 1.1.9)
  templater
  webrat (= 0.6.0)
  yard (= 0.6.8)
